PATH
  remote: .
  specs:
    unicorn-directory-watcher (0.1.3)
      directory_watcher (>= 1.4.0)
      eventmachine (>= 0.12)
      rev (>= 0.3.2)

GEM
  remote: http://rubygems.org/
  specs:
    directory_watcher (1.4.0)
    eventmachine (0.12.10)
    iobuffer (1.0.0)
    rack (1.3.1)
    rev (0.3.2)
      iobuffer (>= 0.1.3)
    sinatra (1.2.6)
      rack (~> 1.1)
      tilt (>= 1.2.2, < 2.0)
    tilt (1.3.2)

PLATFORMS
  ruby

DEPENDENCIES
  sinatra (>= 1.2.6)
  unicorn-directory-watcher!
